PATH
  remote: .
  specs:
    auther (0.0.0)
      bcrypt (>= 3.1.11)
      jwt (~> 2.2, >= 2.2.1)
      rack (~> 2.0, >= 2.0.7)

GEM
  remote: https://rubygems.org/
  specs:
    bcrypt (3.1.13)
    diff-lcs (1.3)
    jwt (2.2.1)
    rack (2.0.7)
    rack-test (1.1.0)
      rack (>= 1.0, < 3)
    rspec (3.9.0)
      rspec-core (~> 3.9.0)
      rspec-expectations (~> 3.9.0)
      rspec-mocks (~> 3.9.0)
    rspec-core (3.9.0)
      rspec-support (~> 3.9.0)
    rspec-expectations (3.9.0)
      diff-lcs (>= 1.2.0, < 2.0)
      rspec-support (~> 3.9.0)
    rspec-mocks (3.9.0)
      diff-lcs (>= 1.2.0, < 2.0)
      rspec-support (~> 3.9.0)
    rspec-support (3.9.0)

PLATFORMS
  ruby

DEPENDENCIES
  auther!
  rack-test (~> 1.1)
  rspec (~> 3.9)

BUNDLED WITH
   2.0.2
